PATH
  remote: .
  specs:
    clean_bsmart_catalog (0.0.1)
      activesupport (~> 3.2.3)
      methadone (~> 1.1.0)
      nokogiri (~> 1.5.2)

GEM
  remote: https://rubygems.org/
  specs:
    activesupport (3.2.3)
      i18n (~> 0.6)
      multi_json (~> 1.0)
    aruba (0.4.11)
      childprocess (>= 0.2.3)
      cucumber (>= 1.1.1)
      ffi (>= 1.0.11)
      rspec (>= 2.7.0)
    builder (3.0.0)
    childprocess (0.3.2)
      ffi (~> 1.0.6)
    cucumber (1.2.0)
      builder (>= 2.1.2)
      diff-lcs (>= 1.1.3)
      gherkin (~> 2.10.0)
      json (>= 1.4.6)
    diff-lcs (1.1.3)
    ffi (1.0.11)
    ffi (1.0.11-java)
    gherkin (2.10.0)
      json (>= 1.4.6)
    gherkin (2.10.0-java)
      json (>= 1.4.6)
    i18n (0.6.0)
    json (1.7.1)
    json (1.7.1-java)
    methadone (1.1.0)
      bundler
    multi_json (1.3.4)
    nokogiri (1.5.2)
    nokogiri (1.5.2-java)
    rake (0.9.2.2)
    rspec (2.10.0)
      rspec-core (~> 2.10.0)
      rspec-expectations (~> 2.10.0)
      rspec-mocks (~> 2.10.0)
    rspec-core (2.10.0)
    rspec-expectations (2.10.0)
      diff-lcs (~> 1.1.3)
    rspec-mocks (2.10.1)

PLATFORMS
  java
  ruby

DEPENDENCIES
  aruba
  clean_bsmart_catalog!
  rake (~> 0.9.2)
  rspec
